GEM
  remote: https://rubygems.org/
  specs:
    minitest (5.16.3)

PLATFORMS
  ruby

DEPENDENCIES
  minitest (~> 5.16.3)

BUNDLED WITH
   3.2.0
